GEM
  remote: https://rubygems.org/
  specs:
    RedCloth (4.2.7)
    configuration (1.2.0)
    diff-lcs (1.1.2)
    directory_watcher (1.4.0)
    hpricot (0.8.4)
    launchy (0.4.0)
      configuration (>= 0.0.5)
      rake (>= 0.8.1)
    little-plugger (1.1.2)
    logging (1.5.0)
      little-plugger (>= 1.1.2)
    loquacious (1.7.1)
    rake (0.8.7)
    rspec (2.5.0)
      rspec-core (~> 2.5.0)
      rspec-expectations (~> 2.5.0)
      rspec-mocks (~> 2.5.0)
    rspec-core (2.5.2)
    rspec-expectations (2.5.0)
      diff-lcs (~> 1.1.2)
    rspec-mocks (2.5.0)
    webby (0.9.4)
      directory_watcher (>= 1.1.2)
      hpricot (>= 0.6.0)
      launchy (>= 0.3.2)
      logging (>= 0.9.7)
      loquacious (>= 1.3.0)
      rake (>= 0.8.4)
      rspec (>= 1.2.2)

PLATFORMS
  ruby

DEPENDENCIES
  RedCloth
  webby

RUBY VERSION
   ruby 1.8.7p375
