GIT
  remote: git://github.com/floehopper/floehopper-deploy.git
  revision: c217075e265303f0b74e918977d0e6a71308aa37
  specs:
    floehopper-deploy (0.1.2)
      freerange-deploy
      freerange-puppet

GIT
  remote: git://github.com/freerange/deploy.git
  revision: cc6a22d55144422fef8792d3b317c67bc18d4e70
  specs:
    freerange-deploy (1.0.10)
      capistrano
      capistrano-ext
      json
      request-log-analyzer
      right_aws (= 2.0.0)
      thor
      tinder (= 1.4.1)

GIT
  remote: git://github.com/freerange/freerange-puppet.git
  revision: 3bbe029d60f90d45ac4e48f056a8f478d6e7b44d
  specs:
    freerange-puppet (1.1.9)
      capistrano
      capistrano-ext

GEM
  remote: http://rubygems.org/
  specs:
    RedCloth (4.2.7)
    activesupport (3.0.3)
    capistrano (2.5.19)
      highline
      net-scp (>= 1.0.0)
      net-sftp (>= 2.0.0)
      net-ssh (>= 2.0.14)
      net-ssh-gateway (>= 1.0.0)
    capistrano-ext (1.2.1)
      capistrano (>= 1.0.0)
    configuration (1.2.0)
    crack (0.1.8)
    diff-lcs (1.1.2)
    directory_watcher (1.3.2)
    eventmachine (0.12.10)
    highline (1.6.1)
    hpricot (0.8.3)
    httparty (0.6.1)
      crack (= 0.1.8)
    json (1.4.6)
    launchy (0.3.7)
      configuration (>= 0.0.5)
      rake (>= 0.8.1)
    little-plugger (1.1.2)
    logging (1.4.3)
      little-plugger (>= 1.1.2)
    loquacious (1.7.0)
    mime-types (1.16)
    net-scp (1.0.4)
      net-ssh (>= 1.99.1)
    net-sftp (2.0.5)
      net-ssh (>= 2.0.9)
    net-ssh (2.0.23)
    net-ssh-gateway (1.0.1)
      net-ssh (>= 1.99.1)
    rake (0.8.7)
    request-log-analyzer (1.9.9)
    right_aws (2.0.0)
      right_http_connection (>= 1.2.1)
    right_http_connection (1.2.4)
    roauth (0.0.3)
    rspec (2.3.0)
      rspec-core (~> 2.3.0)
      rspec-expectations (~> 2.3.0)
      rspec-mocks (~> 2.3.0)
    rspec-core (2.3.1)
    rspec-expectations (2.3.0)
      diff-lcs (~> 1.1.2)
    rspec-mocks (2.3.0)
    thor (0.14.6)
    tinder (1.4.1)
      activesupport
      eventmachine
      httparty
      mime-types
      twitter-stream
    twitter-stream (0.1.10)
      eventmachine (>= 0.12.8)
      roauth (>= 0.0.2)
    webby (0.9.4)
      directory_watcher (>= 1.1.2)
      hpricot (>= 0.6.0)
      launchy (>= 0.3.2)
      logging (>= 0.9.7)
      loquacious (>= 1.3.0)
      rake (>= 0.8.4)
      rspec (>= 1.2.2)

PLATFORMS
  ruby

DEPENDENCIES
  RedCloth
  floehopper-deploy!
  freerange-deploy!
  freerange-puppet!
  webby
